PATH
  remote: .
  specs:
    trusted-advisor-status (0.0.0)
      aws-sdk (= 2.2.17)
      trollop (= 2.1.2)

GEM
  remote: https://rubygems.org/
  specs:
    aws-int-test-rspec-helper (0.0.7)
      aws-sdk (= 2.2.17)
      cfndsl (= 0.4.0)
      rspec (= 3.4.0)
    aws-sdk (2.2.17)
      aws-sdk-resources (= 2.2.17)
    aws-sdk-core (2.2.17)
      jmespath (~> 1.0)
    aws-sdk-resources (2.2.17)
      aws-sdk-core (= 2.2.17)
    cfndsl (0.4.0)
    diff-lcs (1.2.5)
    docile (1.1.5)
    jmespath (1.1.3)
    json (1.8.3)
    rspec (3.4.0)
      rspec-core (~> 3.4.0)
      rspec-expectations (~> 3.4.0)
      rspec-mocks (~> 3.4.0)
    rspec-core (3.4.4)
      rspec-support (~> 3.4.0)
    rspec-expectations (3.4.0)
      diff-lcs (>= 1.2.0, < 2.0)
      rspec-support (~> 3.4.0)
    rspec-mocks (3.4.1)
      diff-lcs (>= 1.2.0, < 2.0)
      rspec-support (~> 3.4.0)
    rspec-support (3.4.1)
    simplecov (0.11.2)
      docile (~> 1.1.0)
      json (~> 1.8)
      simplecov-html (~> 0.10.0)
    simplecov-html (0.10.0)
    trollop (2.1.2)

PLATFORMS
  ruby

DEPENDENCIES
  aws-int-test-rspec-helper
  rspec
  simplecov
  trusted-advisor-status!

BUNDLED WITH
   1.11.2
